GIT
  remote: https://github.com/ecosyste-ms/vandamme.git
  revision: 27c8682ca8aeb32369d74fd7357b553848df0b92
  specs:
    vandamme (0.0.13)
      commonmarker
      github-markup

GIT
  remote: https://github.com/nricciar/wikicloth.git
  revision: 00226ffc6eb46de12038feb6f4c88275645969f7
  specs:
    wikicloth (0.8.3)
      builder
      expression_parser
      htmlentities
      nokogiri
      twitter-text (>= 2.1)

GEM
  remote: https://rubygems.org/
  specs:
    RedCloth (4.3.4)
    actioncable (7.1.3.4)
      actionpack (= 7.1.3.4)
      activesupport (= 7.1.3.4)
      nio4r (~> 2.0)
      websocket-driver (>= 0.6.1)
      zeitwerk (~> 2.6)
    actionmailbox (7.1.3.4)
      actionpack (= 7.1.3.4)
      activejob (= 7.1.3.4)
      activerecord (= 7.1.3.4)
      activestorage (= 7.1.3.4)
      activesupport (= 7.1.3.4)
      mail (>= 2.7.1)
      net-imap
      net-pop
      net-smtp
    actionmailer (7.1.3.4)
      actionpack (= 7.1.3.4)
      actionview (= 7.1.3.4)
      activejob (= 7.1.3.4)
      activesupport (= 7.1.3.4)
      mail (~> 2.5, >= 2.5.4)
      net-imap
      net-pop
      net-smtp
      rails-dom-testing (~> 2.2)
    actionpack (7.1.3.4)
      actionview (= 7.1.3.4)
      activesupport (= 7.1.3.4)
      nokogiri (>= 1.8.5)
      racc
      rack (>= 2.2.4)
      rack-session (>= 1.0.1)
      rack-test (>= 0.6.3)
      rails-dom-testing (~> 2.2)
      rails-html-sanitizer (~> 1.6)
    actiontext (7.1.3.4)
      actionpack (= 7.1.3.4)
      activerecord (= 7.1.3.4)
      activestorage (= 7.1.3.4)
      activesupport (= 7.1.3.4)
      globalid (>= 0.6.0)
      nokogiri (>= 1.8.5)
    actionview (7.1.3.4)
      activesupport (= 7.1.3.4)
      builder (~> 3.1)
      erubi (~> 1.11)
      rails-dom-testing (~> 2.2)
      rails-html-sanitizer (~> 1.6)
    activejob (7.1.3.4)
      activesupport (= 7.1.3.4)
      globalid (>= 0.3.6)
    activemodel (7.1.3.4)
      activesupport (= 7.1.3.4)
    activerecord (7.1.3.4)
      activemodel (= 7.1.3.4)
      activesupport (= 7.1.3.4)
      timeout (>= 0.4.0)
    activestorage (7.1.3.4)
      actionpack (= 7.1.3.4)
      activejob (= 7.1.3.4)
      activerecord (= 7.1.3.4)
      activesupport (= 7.1.3.4)
      marcel (~> 1.0)
    activesupport (7.1.3.4)
      base64
      bigdecimal
      concurrent-ruby (~> 1.0, >= 1.0.2)
      connection_pool (>= 2.2.5)
      drb
      i18n (>= 1.6, < 2)
      minitest (>= 5.1)
      mutex_m
      tzinfo (~> 2.0)
    addressable (2.8.7)
      public_suffix (>= 2.0.2, < 7.0)
    appsignal (3.13.0)
      rack
    asciidoctor (2.0.23)
    autoprefixer-rails (10.4.19.0)
      execjs (~> 2)
    base64 (0.2.0)
    bigdecimal (3.1.8)
    bindex (0.8.1)
    bootsnap (1.18.4)
      msgpack (~> 1.2)
    bootstrap (5.3.3)
      autoprefixer-rails (>= 9.1.0)
      popper_js (>= 2.11.8, < 3)
    builder (3.3.0)
    cgi (0.4.1)
    charlock_holmes (0.7.9)
    commonmarker (0.23.10)
    concurrent-ruby (1.3.4)
    connection_pool (2.4.1)
    crack (1.0.0)
      bigdecimal
      rexml
    crass (1.0.6)
    creole (0.5.0)
    date (3.3.4)
    debug (1.9.2)
      irb (~> 1.10)
      reline (>= 0.3.8)
    drb (2.2.1)
    erubi (1.13.0)
    ethon (0.16.0)
      ffi (>= 1.15.0)
    execjs (2.9.1)
    expression_parser (0.9.0)
    ffi (1.17.0-aarch64-linux-musl)
    ffi (1.17.0-arm64-darwin)
    ffi (1.17.0-x86_64-darwin)
    ffi (1.17.0-x86_64-linux-gnu)
    ffi (1.17.0-x86_64-linux-musl)
    github-linguist (7.30.0)
      cgi
      charlock_holmes (~> 0.7.7)
      mini_mime (~> 1.0)
      rugged (~> 1.0)
    github-markup (5.0.1)
    globalid (1.2.1)
      activesupport (>= 6.1)
    hashdiff (1.1.1)
    htmlentities (4.3.4)
    i18n (1.14.5)
      concurrent-ruby (~> 1.0)
    idn-ruby (0.1.5)
    io-console (0.7.2)
    irb (1.14.0)
      rdoc (>= 4.0.0)
      reline (>= 0.4.2)
    jbuilder (2.12.0)
      actionview (>= 5.0.0)
      activesupport (>= 5.0.0)
    loofah (2.22.0)
      crass (~> 1.0.2)
      nokogiri (>= 1.12.0)
    mail (2.8.1)
      mini_mime (>= 0.1.1)
      net-imap
      net-pop
      net-smtp
    marcel (1.0.4)
    mini_mime (1.1.5)
    minitest (5.25.0)
    mocha (2.4.5)
      ruby2_keywords (>= 0.0.5)
    msgpack (1.7.2)
    mutex_m (0.2.0)
    net-imap (0.4.14)
      date
      net-protocol
    net-pop (0.1.2)
      net-protocol
    net-protocol (0.2.2)
      timeout
    net-smtp (0.5.0)
      net-protocol
    nio4r (2.7.3)
    nokogiri (1.16.7-aarch64-linux)
      racc (~> 1.4)
    nokogiri (1.16.7-arm64-darwin)
      racc (~> 1.4)
    nokogiri (1.16.7-x86_64-darwin)
      racc (~> 1.4)
    nokogiri (1.16.7-x86_64-linux)
      racc (~> 1.4)
    org-ruby (0.9.12)
      rubypants (~> 0.2)
    popper_js (2.11.8)
    psych (5.1.2)
      stringio
    public_suffix (6.0.1)
    puma (6.4.2)
      nio4r (~> 2.0)
    racc (1.8.1)
    rack (3.1.7)
    rack-attack (6.7.0)
      rack (>= 1.0, < 4)
    rack-attack-rate-limit (1.1.0)
      rack
    rack-cors (2.0.2)
      rack (>= 2.0.0)
    rack-session (2.0.0)
      rack (>= 3.0.0)
    rack-test (2.1.0)
      rack (>= 1.3)
    rackup (2.1.0)
      rack (>= 3)
      webrick (~> 1.8)
    rails (7.1.3.4)
      actioncable (= 7.1.3.4)
      actionmailbox (= 7.1.3.4)
      actionmailer (= 7.1.3.4)
      actionpack (= 7.1.3.4)
      actiontext (= 7.1.3.4)
      actionview (= 7.1.3.4)
      activejob (= 7.1.3.4)
      activemodel (= 7.1.3.4)
      activerecord (= 7.1.3.4)
      activestorage (= 7.1.3.4)
      activesupport (= 7.1.3.4)
      bundler (>= 1.15.0)
      railties (= 7.1.3.4)
    rails-controller-testing (1.0.5)
      actionpack (>= 5.0.1.rc1)
      actionview (>= 5.0.1.rc1)
      activesupport (>= 5.0.1.rc1)
    rails-dom-testing (2.2.0)
      activesupport (>= 5.0.0)
      minitest
      nokogiri (>= 1.6)
    rails-html-sanitizer (1.6.0)
      loofah (~> 2.21)
      nokogiri (~> 1.14)
    railties (7.1.3.4)
      actionpack (= 7.1.3.4)
      activesupport (= 7.1.3.4)
      irb
      rackup (>= 1.0.0)
      rake (>= 12.2)
      thor (~> 1.0, >= 1.2.2)
      zeitwerk (~> 2.6)
    rake (13.2.1)
    rdoc (6.7.0)
      psych (>= 4.0.0)
    redcarpet (3.6.0)
    reline (0.5.9)
      io-console (~> 0.5)
    rexml (3.3.5)
      strscan
    rswag-api (2.14.0)
      activesupport (>= 5.2, < 8.0)
      railties (>= 5.2, < 8.0)
    rswag-ui (2.14.0)
      actionpack (>= 5.2, < 8.0)
      railties (>= 5.2, < 8.0)
    ruby2_keywords (0.0.5)
    rubypants (0.7.1)
    rugged (1.7.2)
    sassc (2.4.0)
      ffi (~> 1.9)
    sassc-rails (2.1.2)
      railties (>= 4.0.0)
      sassc (>= 2.0)
      sprockets (> 3.0)
      sprockets-rails
      tilt
    shoulda (4.0.0)
      shoulda-context (~> 2.0)
      shoulda-matchers (~> 4.0)
    shoulda-context (2.0.0)
    shoulda-matchers (4.5.1)
      activesupport (>= 4.2.0)
    sprockets (4.2.1)
      concurrent-ruby (~> 1.0)
      rack (>= 2.2.4, < 4)
    sprockets-rails (3.5.2)
      actionpack (>= 6.1)
      activesupport (>= 6.1)
      sprockets (>= 3.0.0)
    stringio (3.1.1)
    strscan (3.1.0)
    thor (1.3.1)
    tilt (2.4.0)
    timeout (0.4.1)
    twitter-text (3.1.0)
      idn-ruby
      unf (~> 0.1.0)
    typhoeus (1.4.1)
      ethon (>= 0.9.0)
    tzinfo (2.0.6)
      concurrent-ruby (~> 1.0)
    unf (0.1.4)
      unf_ext
    unf_ext (0.0.9.1)
    web-console (4.2.1)
      actionview (>= 6.0.0)
      activemodel (>= 6.0.0)
      bindex (>= 0.4.0)
      railties (>= 6.0.0)
    webmock (3.23.1)
      addressable (>= 2.8.0)
      crack (>= 0.3.2)
      hashdiff (>= 0.4.0, < 2.0.0)
    webrick (1.8.1)
    websocket-driver (0.7.6)
      websocket-extensions (>= 0.1.0)
    websocket-extensions (0.1.5)
    zeitwerk (2.6.17)

PLATFORMS
  aarch64-linux-musl
  arm64-darwin-21
  arm64-darwin-23
  x86_64-darwin-20
  x86_64-linux
  x86_64-linux-musl

DEPENDENCIES
  RedCloth
  appsignal
  asciidoctor
  bootsnap
  bootstrap
  commonmarker (= 0.23.10)
  creole
  debug
  github-linguist
  github-markup
  jbuilder
  mocha
  nokogiri
  org-ruby
  puma (~> 6.4)
  rack-attack
  rack-attack-rate-limit
  rack-cors
  rails (~> 7.1.3)
  rails-controller-testing
  rdoc
  redcarpet
  rexml
  rswag-api
  rswag-ui
  sassc-rails
  shoulda
  sprockets-rails
  twitter-text
  typhoeus
  tzinfo-data
  vandamme!
  web-console
  webmock
  wikicloth!

RUBY VERSION
   ruby 3.3.4p0

BUNDLED WITH
   2.5.17
