GIT
  remote: https://github.com/ecosyste-ms/vandamme.git
  revision: 27c8682ca8aeb32369d74fd7357b553848df0b92
  specs:
    vandamme (0.0.13)
      commonmarker
      github-markup

GIT
  remote: https://github.com/nricciar/wikicloth.git
  revision: 00226ffc6eb46de12038feb6f4c88275645969f7
  specs:
    wikicloth (0.8.3)
      builder
      expression_parser
      htmlentities
      nokogiri
      twitter-text (>= 2.1)

GEM
  remote: https://rubygems.org/
  specs:
    RedCloth (4.3.4)
    actionpack (7.2.2)
      actionview (= 7.2.2)
      activesupport (= 7.2.2)
      nokogiri (>= 1.8.5)
      racc
      rack (>= 2.2.4, < 3.2)
      rack-session (>= 1.0.1)
      rack-test (>= 0.6.3)
      rails-dom-testing (~> 2.2)
      rails-html-sanitizer (~> 1.6)
      useragent (~> 0.16)
    actionview (7.2.2)
      activesupport (= 7.2.2)
      builder (~> 3.1)
      erubi (~> 1.11)
      rails-dom-testing (~> 2.2)
      rails-html-sanitizer (~> 1.6)
    activesupport (7.2.2)
      base64
      benchmark (>= 0.3)
      bigdecimal
      concurrent-ruby (~> 1.0, >= 1.3.1)
      connection_pool (>= 2.2.5)
      drb
      i18n (>= 1.6, < 2)
      logger (>= 1.4.2)
      minitest (>= 5.1)
      securerandom (>= 0.3)
      tzinfo (~> 2.0, >= 2.0.5)
    addressable (2.8.7)
      public_suffix (>= 2.0.2, < 7.0)
    appsignal (4.1.2)
      logger
      rack
    asciidoctor (2.0.23)
    base64 (0.2.0)
    benchmark (0.3.0)
    bigdecimal (3.1.8)
    builder (3.3.0)
    cgi (0.4.1)
    charlock_holmes (0.7.9)
    commonmarker (0.23.10)
    concurrent-ruby (1.3.4)
    connection_pool (2.4.1)
    crack (1.0.0)
      bigdecimal
      rexml
    crass (1.0.6)
    creole (0.5.0)
    drb (2.2.1)
    erubi (1.13.0)
    ethon (0.16.0)
      ffi (>= 1.15.0)
    expression_parser (0.9.0)
    ffi (1.17.0-aarch64-linux-musl)
    ffi (1.17.0-arm64-darwin)
    ffi (1.17.0-x86_64-darwin)
    ffi (1.17.0-x86_64-linux-gnu)
    ffi (1.17.0-x86_64-linux-musl)
    github-linguist (8.0.1)
      cgi
      charlock_holmes (~> 0.7.7)
      mini_mime (~> 1.0)
      rugged (~> 1.0)
    github-markup (5.0.1)
    hashdiff (1.1.1)
    htmlentities (4.3.4)
    i18n (1.14.6)
      concurrent-ruby (~> 1.0)
    idn-ruby (0.1.5)
    io-console (0.7.2)
    irb (1.14.1)
      rdoc (>= 4.0.0)
      reline (>= 0.4.2)
    jbuilder (2.13.0)
      actionview (>= 5.0.0)
      activesupport (>= 5.0.0)
    logger (1.6.1)
    loofah (2.23.1)
      crass (~> 1.0.2)
      nokogiri (>= 1.12.0)
    mini_mime (1.1.5)
    minitest (5.25.1)
    mocha (2.5.0)
      ruby2_keywords (>= 0.0.5)
    nio4r (2.7.4)
    nokogiri (1.16.7-aarch64-linux)
      racc (~> 1.4)
    nokogiri (1.16.7-arm64-darwin)
      racc (~> 1.4)
    nokogiri (1.16.7-x86_64-darwin)
      racc (~> 1.4)
    nokogiri (1.16.7-x86_64-linux)
      racc (~> 1.4)
    org-ruby (0.9.12)
      rubypants (~> 0.2)
    ostruct (0.6.0)
    psych (5.1.2)
      stringio
    public_suffix (6.0.1)
    puma (6.4.3)
      nio4r (~> 2.0)
    racc (1.8.1)
    rack (3.1.8)
    rack-attack (6.7.0)
      rack (>= 1.0, < 4)
    rack-attack-rate-limit (1.1.0)
      rack
    rack-cors (2.0.2)
      rack (>= 2.0.0)
    rack-session (2.0.0)
      rack (>= 3.0.0)
    rack-test (2.1.0)
      rack (>= 1.3)
    rackup (2.2.0)
      rack (>= 3)
    rails-controller-testing (1.0.5)
      actionpack (>= 5.0.1.rc1)
      actionview (>= 5.0.1.rc1)
      activesupport (>= 5.0.1.rc1)
    rails-dom-testing (2.2.0)
      activesupport (>= 5.0.0)
      minitest
      nokogiri (>= 1.6)
    rails-html-sanitizer (1.6.0)
      loofah (~> 2.21)
      nokogiri (~> 1.14)
    railties (7.2.2)
      actionpack (= 7.2.2)
      activesupport (= 7.2.2)
      irb (~> 1.13)
      rackup (>= 1.0.0)
      rake (>= 12.2)
      thor (~> 1.0, >= 1.2.2)
      zeitwerk (~> 2.6)
    rake (13.2.1)
    rdoc (6.7.0)
      psych (>= 4.0.0)
    redcarpet (3.6.0)
    reline (0.5.10)
      io-console (~> 0.5)
    rexml (3.3.9)
    rswag-api (2.15.0)
      activesupport (>= 5.2, < 8.0)
      railties (>= 5.2, < 8.0)
    rswag-ui (2.15.0)
      actionpack (>= 5.2, < 8.0)
      railties (>= 5.2, < 8.0)
    ruby2_keywords (0.0.5)
    rubypants (0.7.1)
    rugged (1.7.2)
    securerandom (0.3.1)
    shoulda (4.0.0)
      shoulda-context (~> 2.0)
      shoulda-matchers (~> 4.0)
    shoulda-context (2.0.0)
    shoulda-matchers (4.5.1)
      activesupport (>= 4.2.0)
    sprockets (4.2.1)
      concurrent-ruby (~> 1.0)
      rack (>= 2.2.4, < 4)
    sprockets-rails (3.5.2)
      actionpack (>= 6.1)
      activesupport (>= 6.1)
      sprockets (>= 3.0.0)
    stringio (3.1.1)
    thor (1.3.2)
    twitter-text (3.1.0)
      idn-ruby
      unf (~> 0.1.0)
    typhoeus (1.4.1)
      ethon (>= 0.9.0)
    tzinfo (2.0.6)
      concurrent-ruby (~> 1.0)
    unf (0.1.4)
      unf_ext
    unf_ext (0.0.9.1)
    useragent (0.16.10)
    webmock (3.24.0)
      addressable (>= 2.8.0)
      crack (>= 0.3.2)
      hashdiff (>= 0.4.0, < 2.0.0)
    zeitwerk (2.7.1)

PLATFORMS
  aarch64-linux-musl
  arm64-darwin-21
  arm64-darwin-23
  x86_64-darwin-20
  x86_64-linux
  x86_64-linux-musl

DEPENDENCIES
  RedCloth
  actionpack
  actionview
  activesupport
  appsignal
  asciidoctor
  commonmarker (= 0.23.10)
  creole
  github-linguist
  github-markup
  jbuilder
  mocha
  nokogiri
  org-ruby
  ostruct
  puma
  rack-attack
  rack-attack-rate-limit
  rack-cors
  rails-controller-testing
  railties
  rdoc
  redcarpet
  rexml
  rswag-api
  rswag-ui
  shoulda
  sprockets-rails
  twitter-text
  typhoeus
  vandamme!
  webmock
  wikicloth!

RUBY VERSION
   ruby 3.3.5p0

BUNDLED WITH
   2.5.22
